GEM
  remote: https://rubygems.org/
  specs:
    ansi (1.5.0)
    ast (2.4.2)
    async (2.8.1)
      console (~> 1.10)
      fiber-annotation
      io-event (~> 1.1)
      timers (~> 4.1)
    builder (3.2.4)
    coderay (1.1.3)
    console (1.23.3)
      fiber-annotation
      fiber-local
    fiber-annotation (0.2.0)
    fiber-local (1.0.0)
    io-event (1.4.3)
    method_source (1.0.0)
    minitest (5.15.0)
    minitest-hooks (1.5.0)
      minitest (> 5.3)
    minitest-reporters (1.4.3)
      ansi
      builder
      minitest (>= 5.0)
      ruby-progressbar
    minitest-rg (5.2.0)
      minitest (~> 5.0)
    parallel (1.22.1)
    parser (3.1.2.0)
      ast (~> 2.4.1)
    pry (0.14.1)
      coderay (~> 1.1)
      method_source (~> 1.0)
    rainbow (3.1.1)
    rake (13.0.6)
    regexp_parser (2.4.0)
    rexml (3.2.5)
    rubocop (1.29.0)
      parallel (~> 1.10)
      parser (>= 3.1.0.0)
      rainbow (>= 2.2.2, < 4.0)
      regexp_parser (>= 1.8, < 3.0)
      rexml (>= 3.2.5, < 4.0)
      rubocop-ast (>= 1.17.0, < 2.0)
      ruby-progressbar (~> 1.7)
      unicode-display_width (>= 1.4.0, < 3.0)
    rubocop-ast (1.17.0)
      parser (>= 3.1.1.0)
    rubocop-performance (1.13.3)
      rubocop (>= 1.7.0, < 2.0)
      rubocop-ast (>= 0.4.0)
    rubocop-rake (0.6.0)
      rubocop (~> 1.0)
    ruby-progressbar (1.11.0)
    standard (1.12.0)
      rubocop (= 1.29.0)
      rubocop-performance (= 1.13.3)
    timers (4.3.5)
    unicode-display_width (2.1.0)

PLATFORMS
  x86_64-darwin-21
  x86_64-darwin-22
  x86_64-linux

DEPENDENCIES
  async
  minitest (~> 5.8)
  minitest-hooks (~> 1.5)
  minitest-reporters (~> 1.1)
  minitest-rg (~> 5.2)
  pry (~> 0.14.1)
  rake (~> 13.0)
  rubocop
  rubocop-performance
  rubocop-rake
  standard

BUNDLED WITH
   2.3.6
